GIT
  remote: git://github.com/vertiginous/fakefs.git
  revision: 7a35534e02128c95650d59fd95d34ef7cb04313b
  specs:
    fakefs (0.3.1)

PATH
  remote: .
  specs:
    ipreader (0.0.1)

GEM
  remote: http://rubygems.org/
  specs:
    haml (3.0.25)
    mocha (0.9.9)
      rake
    rake (0.8.7)
    sqlite3 (1.3.3-x86-mingw32)
    sqlite3-ruby (1.3.3)
      sqlite3 (>= 1.3.3)

PLATFORMS
  x86-mingw32

DEPENDENCIES
  fakefs!
  haml (>= 3.0.24)
  ipreader!
  mocha
  sqlite3-ruby
